GIT
  remote: git+ssh://git@github.com/anathematic/rails_sql_views.git
  revision: 0486fff084032367b4c08bf0a51b151ef86a08f1
  specs:
    rails_sql_views (0.8.0.2.laripk)
      activerecord
      rails (~> 3.1.rc1)
      rake (~> 0.9)

GIT
  remote: git+ssh://git@github.com/sanger/activerecord-partitioning.git
  revision: 043e66ddbdd5d78299c4c99af9a31c4a33811709
  specs:
    activerecord-partitioning (0.0.1)
      activerecord (~> 3.2.0)
      activesupport (~> 3.2.0)

GIT
  remote: git+ssh://git@github.com/sanger/activerecord-triggers.git
  revision: 81a97667e849f0c4047b2ebce942015d3b7b5b31
  specs:
    activerecord-triggers (0.0.1)
      activerecord (~> 3.2.0)
      activesupport (~> 3.2.0)

GIT
  remote: git+ssh://git@github.com/sanger/psd_logger.git
  revision: e16d106be39ea096f95787a927b8ce24ec522bde
  specs:
    psd_logger (0.1.5)

GEM
  remote: http://rubygems.org/
  specs:
    actionmailer (3.2.2)
      actionpack (= 3.2.2)
      mail (~> 2.4.0)
    actionpack (3.2.2)
      activemodel (= 3.2.2)
      activesupport (= 3.2.2)
      builder (~> 3.0.0)
      erubis (~> 2.7.0)
      journey (~> 1.0.1)
      rack (~> 1.4.0)
      rack-cache (~> 1.1)
      rack-test (~> 0.6.1)
      sprockets (~> 2.1.2)
    activemodel (3.2.2)
      activesupport (= 3.2.2)
      builder (~> 3.0.0)
    activerecord (3.2.2)
      activemodel (= 3.2.2)
      activesupport (= 3.2.2)
      arel (~> 3.0.2)
      tzinfo (~> 0.3.29)
    activeresource (3.2.2)
      activemodel (= 3.2.2)
      activesupport (= 3.2.2)
    activesupport (3.2.2)
      i18n (~> 0.6)
      multi_json (~> 1.0)
    addressable (2.2.8)
    amq-client (0.9.2)
      amq-protocol (>= 0.9.0)
      eventmachine
    amq-protocol (0.9.0)
    amqp (0.9.4)
      amq-client (~> 0.9.2)
      amq-protocol (>= 0.9.0)
      eventmachine
    arel (3.0.2)
    builder (3.0.0)
    composite_primary_keys (5.0.4)
      activerecord (~> 3.2.0)
    crack (0.3.1)
    diff-lcs (1.1.3)
    erubis (2.7.0)
    eventmachine (0.12.10)
    ffi (1.0.11)
    growl (1.0.3)
    guard (1.0.2)
      ffi (>= 0.5.0)
      thor (~> 0.14.6)
    guard-bundler (0.1.3)
      bundler (>= 1.0.0)
      guard (>= 0.2.2)
    guard-rspec (0.7.0)
      guard (>= 0.10.0)
    hashie (1.2.0)
    hike (1.2.1)
    i18n (0.6.0)
    journey (1.0.3)
    json (1.7.0)
    mail (2.4.4)
      i18n (>= 0.4.0)
      mime-types (~> 1.16)
      treetop (~> 1.4.8)
    mime-types (1.18)
    mocktra (1.0.2)
      sinatra (~> 1.3)
      webmock (~> 1.8)
    multi_json (1.3.5)
    mysql2 (0.3.11)
    polyglot (0.3.3)
    rack (1.4.1)
    rack-cache (1.2)
      rack (>= 0.4)
    rack-protection (1.2.0)
      rack
    rack-ssl (1.3.2)
      rack
    rack-test (0.6.1)
      rack (>= 1.0)
    rails (3.2.2)
      actionmailer (= 3.2.2)
      actionpack (= 3.2.2)
      activerecord (= 3.2.2)
      activeresource (= 3.2.2)
      activesupport (= 3.2.2)
      bundler (~> 1.0)
      railties (= 3.2.2)
    railties (3.2.2)
      actionpack (= 3.2.2)
      activesupport (= 3.2.2)
      rack-ssl (~> 1.3.2)
      rake (>= 0.8.7)
      rdoc (~> 3.4)
      thor (~> 0.14.6)
    rake (0.9.2.2)
    rdoc (3.12)
      json (~> 1.4)
    rest-client (1.6.7)
      mime-types (>= 1.16)
    rspec (2.8.0)
      rspec-core (~> 2.8.0)
      rspec-expectations (~> 2.8.0)
      rspec-mocks (~> 2.8.0)
    rspec-core (2.8.0)
    rspec-expectations (2.8.0)
      diff-lcs (~> 1.1.2)
    rspec-mocks (2.8.0)
    rspec-rails (2.8.1)
      actionpack (>= 3.0)
      activesupport (>= 3.0)
      railties (>= 3.0)
      rspec (~> 2.8.0)
    sinatra (1.3.2)
      rack (~> 1.3, >= 1.3.6)
      rack-protection (~> 1.2)
      tilt (~> 1.3, >= 1.3.3)
    sprockets (2.1.3)
      hike (~> 1.2)
      rack (~> 1.0)
      tilt (~> 1.1, != 1.3.0)
    thor (0.14.6)
    tilt (1.3.3)
    treetop (1.4.10)
      polyglot
      polyglot (>= 0.3.1)
    tzinfo (0.3.33)
    webmock (1.8.6)
      addressable (>= 2.2.7)
      crack (>= 0.1.7)

PLATFORMS
  ruby

DEPENDENCIES
  activerecord-partitioning!
  activerecord-triggers!
  amqp (~> 0.9.2)
  composite_primary_keys (~> 5.0.4)
  growl
  guard
  guard-bundler
  guard-rspec
  hashie (~> 1.2.0)
  mocktra (~> 1.0.2)
  mysql2
  psd_logger!
  rails (= 3.2.2)
  rails_sql_views!
  rest-client
  rspec-rails (~> 2.8.0)
